PATH
  remote: .
  specs:
    buscando_el_viento (0.0.1)

GEM
  remote: http://rubygems.org/
  specs:
    activemodel (3.1.0.rc1)
      activesupport (= 3.1.0.rc1)
      bcrypt-ruby (~> 2.1.4)
      builder (~> 3.0.0)
      i18n (~> 0.6.0beta1)
    activerecord (3.1.0.rc1)
      activemodel (= 3.1.0.rc1)
      activesupport (= 3.1.0.rc1)
      arel (~> 2.1.1)
      tzinfo (~> 0.3.27)
    activesupport (3.1.0.rc1)
      multi_json (~> 1.0)
    arel (2.1.3)
    bcrypt-ruby (2.1.4)
    builder (3.0.0)
    i18n (0.6.0)
    multi_json (1.0.3)
    tzinfo (0.3.29)

PLATFORMS
  ruby

DEPENDENCIES
  activerecord (= 3.1.0.rc1)
  buscando_el_viento!
